GIT
  remote: git://github.com/spidou/whenever.git
  revision: 62010f8fbbbaecc7996f8922b94627a3ddb80db7
  specs:
    whenever (0.6.2)
      aaronh-chronic (>= 0.3.9)
      activesupport (>= 2.2.3)

GEM
  remote: http://rubygems.org/
  specs:
    RedCloth (4.2.3)
    aaronh-chronic (0.3.9)
    actionmailer (2.2.3)
      actionpack (= 2.2.3)
    actionpack (2.2.3)
      activesupport (= 2.2.3)
    activerecord (2.2.3)
      activesupport (= 2.2.3)
    activeresource (2.2.3)
      activesupport (= 2.2.3)
    activesupport (2.2.3)
    bullet (2.2.1)
      uniform_notifier (~> 1.0.0)
    capistrano (2.5.19)
      highline
      net-scp (>= 1.0.0)
      net-sftp (>= 2.0.0)
      net-ssh (>= 2.0.14)
      net-ssh-gateway (>= 1.0.0)
    capistrano-ext (1.2.1)
      capistrano (>= 1.0.0)
    cgi_multipart_eof_fix (2.5.0)
    coderay (0.9.8)
    columnize (0.3.2)
    daemons (1.1.0)
    fastthread (1.0.7)
    gem_plugin (0.2.3)
    highline (1.6.1)
    htmlentities (4.2.1)
    json (1.4.6)
    linecache (0.43)
    memcache-client (1.8.5)
    method_source (0.6.0)
      ruby_parser (>= 2.0.5)
    mongrel (1.1.5)
      cgi_multipart_eof_fix (>= 2.4)
      daemons (>= 1.0.3)
      fastthread (>= 1.0.1)
      gem_plugin (>= 0.2.3)
    mysql (2.8.1)
    net-scp (1.0.4)
      net-ssh (>= 1.99.1)
    net-sftp (2.0.5)
      net-ssh (>= 2.0.9)
    net-ssh (2.0.23)
    net-ssh-gateway (1.0.1)
      net-ssh (>= 1.99.1)
    orderedhash (0.0.6)
    pry (0.9.3)
      coderay (>= 0.9.8)
      method_source (>= 0.6.0)
      ruby_parser (>= 2.0.5)
      slop (~> 1.9.0)
    rails (2.2.3)
      actionmailer (= 2.2.3)
      actionpack (= 2.2.3)
      activerecord (= 2.2.3)
      activeresource (= 2.2.3)
      activesupport (= 2.2.3)
      rake (>= 0.8.3)
    rails-footnotes (3.6.7)
    rake (0.8.7)
    ruby-debug (0.10.4)
      columnize (>= 0.1)
      ruby-debug-base (~> 0.10.4.0)
    ruby-debug-base (0.10.4)
      linecache (>= 0.3)
    ruby-prof (0.9.2)
    ruby_parser (2.0.6)
      sexp_processor (~> 3.0)
    sexp_processor (3.0.5)
    shoulda (2.10.2)
    slop (1.9.1)
    sqlite3-ruby (1.3.2)
    uniform_notifier (1.0.2)

PLATFORMS
  ruby

DEPENDENCIES
  RedCloth (= 4.2.3)
  bullet
  capistrano
  capistrano-ext
  htmlentities (= 4.2.1)
  json (= 1.4.6)
  memcache-client
  mongrel (= 1.1.5)
  mysql
  orderedhash
  pry
  rails (= 2.2.3)
  rails-footnotes (< 3.7.0)
  rake (= 0.8.7)
  ruby-debug
  ruby-prof
  shoulda (= 2.10.2)
  sqlite3-ruby
  whenever!
